GEM
  remote: https://rubygems.org/
  specs:
    backports (3.6.4)
    bcrypt (3.1.10)
    daemons (1.1.9)
    drydock (0.6.9)
    eventmachine (1.0.6)
    ffi (1.9.6)
    haml (4.0.6)
      tilt
    multi_json (1.10.1)
    rack (1.6.0)
    rack-flash3 (1.0.5)
      rack
    rack-protection (1.5.3)
      rack
    rack-test (0.6.3)
      rack (>= 1.0)
    sinatra (1.4.5)
      rack (~> 1.4)
      rack-protection (~> 1.4)
      tilt (~> 1.3, >= 1.3.4)
    sinatra-contrib (1.4.2)
      backports (>= 2.0)
      multi_json
      rack-protection
      rack-test
      sinatra (~> 1.4.0)
      tilt (~> 1.3)
    storable (0.8.9)
    sys-cpu (0.7.1)
      ffi (>= 1.0.0)
    sysinfo (0.8.1)
      drydock
      storable
    thin (1.6.3)
      daemons (~> 1.0, >= 1.0.9)
      eventmachine (~> 1.0)
      rack (~> 1.0)
    tilt (1.4.1)
    usagewatch (0.0.7)
    vmstat (2.1.0)

PLATFORMS
  ruby

DEPENDENCIES
  bcrypt
  haml
  rack-flash3
  sinatra
  sinatra-contrib
  sys-cpu
  sysinfo
  thin
  usagewatch
  vmstat
